GEM
  remote: https://rubygems.org/
  specs:
    oj (2.17.1)
    redis (3.3.0)

PLATFORMS
  ruby

DEPENDENCIES
  oj
  redis

BUNDLED WITH
   1.11.2
